GIT
  remote: git://github.com/Zeeraw/Urifetch.git
  revision: 995b2843e21841c4758dcb0286b8c82c3b8953b0
  specs:
    urifetch (0.1.1.rc6)
      actionpack
      activesupport
      addressable
      hashie
      imagesize
      nokogiri

GIT
  remote: git://github.com/thetron/mongoid_token.git
  revision: 70049745cc4baa4136601368033d06a955225dc3
  branch: patch/collisions-define-method
  specs:
    mongoid_token (2.0.0)
      mongoid (~> 3.0)

GIT
  remote: git@github.com:Zeeraw/active_model_serializers.git
  revision: 67f13dc049ae2453cec19d53e320adabe57f4835
  branch: flatten-polymorphic-id
  specs:
    active_model_serializers (0.8.1)
      activemodel (>= 3.2)

GEM
  remote: http://rubygems.org/
  specs:
    Ascii85 (1.0.2)
    ace-rails-ap (2.0.0)
    actionmailer (3.2.14)
      actionpack (= 3.2.14)
      mail (~> 2.5.4)
    actionpack (3.2.14)
      activemodel (= 3.2.14)
      activesupport (= 3.2.14)
      builder (~> 3.0.0)
      erubis (~> 2.7.0)
      journey (~> 1.0.4)
      rack (~> 1.4.5)
      rack-cache (~> 1.2)
      rack-test (~> 0.6.1)
      sprockets (~> 2.2.1)
    activemodel (3.2.14)
      activesupport (= 3.2.14)
      builder (~> 3.0.0)
    activerecord (3.2.14)
      activemodel (= 3.2.14)
      activesupport (= 3.2.14)
      arel (~> 3.0.2)
      tzinfo (~> 0.3.29)
    activeresource (3.2.14)
      activemodel (= 3.2.14)
      activesupport (= 3.2.14)
    activesupport (3.2.14)
      i18n (~> 0.6, >= 0.6.4)
      multi_json (~> 1.0)
    addressable (2.3.5)
    afm (0.2.0)
    arcane (1.1.1)
      actionpack (>= 3.0.0, < 5.0.0)
      activesupport (>= 3.0.0, < 5.0.0)
    arel (3.0.2)
    backbone-on-rails (0.9.2.0)
      eco (~> 1.0.0)
      ejs (~> 1.0.0)
      jquery-rails
      railties (>= 3.1)
    barber (0.4.2)
      ember-source
      execjs
      handlebars-source
    bcrypt-ruby (3.1.2)
    bootstrap-sass (2.1.0.0)
    builder (3.0.4)
    bunny (0.8.0)
    capistrano (2.15.5)
      highline
      net-scp (>= 1.0.0)
      net-sftp (>= 2.0.0)
      net-ssh (>= 2.0.14)
      net-ssh-gateway (>= 1.1.0)
    capistrano_colors (0.5.5)
    capybara (2.1.0)
      mime-types (>= 1.16)
      nokogiri (>= 1.3.3)
      rack (>= 1.0.0)
      rack-test (>= 0.5.4)
      xpath (~> 2.0)
    carrierwave (0.8.0)
      activemodel (>= 3.2.0)
      activesupport (>= 3.2.0)
    carrierwave-mongoid (0.6.0)
      carrierwave (~> 0.8.0)
      mongoid (>= 3.0, < 5.0)
      mongoid-grid_fs (~> 1.3)
    celluloid (0.14.1)
      timers (>= 1.0.0)
    childprocess (0.3.9)
      ffi (~> 1.0, >= 1.0.11)
    cloudfiles (1.4.18)
      mime-types (>= 1.16)
    coderay (1.0.9)
    coffee-rails (3.2.2)
      coffee-script (>= 2.2.0)
      railties (~> 3.2.0)
    coffee-script (2.2.0)
      coffee-script-source
      execjs
    coffee-script-source (1.6.3)
    connection_pool (1.1.0)
    css_parser (1.3.5)
      addressable
    curb (0.8.4)
    curb-fu (0.6.2)
      curb (>= 0.5.4.0)
      rack-test (>= 0.2.0)
    daemons (1.1.9)
    dalli (2.6.4)
    database_cleaner (1.0.1)
    diff-lcs (1.2.4)
    doorkeeper (0.6.7)
      railties (~> 3.1)
    dotenv (0.8.0)
    eco (1.0.0)
      coffee-script
      eco-source
      execjs
    eco-source (1.1.0.rc.1)
    ejs (1.0.0)
    email_spec (1.5.0)
      launchy (~> 2.1)
      mail (~> 2.2)
    ember-data-source (0.13)
      ember-source
    ember-rails (0.13.0)
      active_model_serializers
      barber (>= 0.4.1)
      ember-data-source
      ember-source
      execjs (>= 1.2)
      handlebars-source
      railties (>= 3.1)
    ember-source (1.0.0)
      handlebars-source (= 1.0.12)
    erubis (2.7.0)
    eventmachine (1.0.3)
    excon (0.25.3)
    execjs (2.0.1)
    factory_girl (4.2.0)
      activesupport (>= 3.0.0)
    factory_girl_rails (4.2.1)
      factory_girl (~> 4.2.0)
      railties (>= 3.0.0)
    faraday (0.8.8)
      multipart-post (~> 1.2.0)
    ffi (1.9.0)
    fog (1.15.0)
      builder
      excon (~> 0.25.0)
      formatador (~> 0.2.0)
      mime-types
      multi_json (~> 1.0)
      net-scp (~> 1.1)
      net-ssh (>= 2.1.3)
      nokogiri (~> 1.5)
      ruby-hmac
    foreman (0.63.0)
      dotenv (>= 0.7)
      thor (>= 0.13.6)
    formatador (0.2.4)
    gist (4.0.3)
      json
    google-analytics-rails (0.0.4)
    guard (1.8.2)
      formatador (>= 0.2.4)
      listen (>= 1.0.0)
      lumberjack (>= 1.0.2)
      pry (>= 0.9.10)
      thor (>= 0.14.6)
    guard-bundler (1.0.0)
      bundler (~> 1.0)
      guard (~> 1.1)
    guard-rspec (3.0.2)
      guard (>= 1.8)
      rspec (~> 2.13)
    guard-spork (1.5.1)
      childprocess (>= 0.2.3)
      guard (>= 1.1)
      spork (>= 0.8.4)
    haml (4.0.3)
      tilt
    haml-rails (0.4)
      actionpack (>= 3.1, < 4.1)
      activesupport (>= 3.1, < 4.1)
      haml (>= 3.1, < 4.1)
      railties (>= 3.1, < 4.1)
    haml_coffee_assets (1.6.0)
      coffee-script (>= 1.0.0)
      sprockets (>= 2.0.3)
      tilt (>= 1.3.3)
    handlebars-source (1.0.12)
    hashery (2.1.0)
    hashie (2.0.5)
    hashr (0.0.22)
    highline (1.6.19)
    hike (1.2.3)
    hiredis (0.4.5)
    httpauth (0.2.0)
    i18n (0.6.5)
    imagesize (0.1.1)
    journey (1.0.4)
    jquery-rails (2.0.2)
      railties (>= 3.2.0, < 5.0)
      thor (~> 0.14)
    json (1.8.0)
    jwt (0.1.8)
      multi_json (>= 1.5)
    kaminari (0.14.1)
      actionpack (>= 3.0.0)
      activesupport (>= 3.0.0)
    kgio (2.8.0)
    kiqstand (1.1.0)
      mongoid (~> 3.1)
      moped (~> 1.4)
    launchy (2.3.0)
      addressable (~> 2.3)
    libv8 (3.16.14.3)
    listen (1.3.0)
      rb-fsevent (>= 0.9.3)
      rb-inotify (>= 0.9)
      rb-kqueue (>= 0.2)
    lumberjack (1.0.4)
    mail (2.5.4)
      mime-types (~> 1.16)
      treetop (~> 1.4.8)
    method_source (0.8.2)
    mime-types (1.25)
    mini_magick (3.6.0)
      subexec (~> 0.2.1)
    mini_portile (0.5.1)
    mongoid (3.1.4)
      activemodel (~> 3.2)
      moped (~> 1.4)
      origin (~> 1.0)
      tzinfo (~> 0.3.22)
    mongoid-grid_fs (1.8.0)
      mime-types (~> 1.19)
      mongoid (~> 3.0)
    mongoid_fulltext (0.6.1)
      mongoid (~> 3.0)
      unicode_utils (~> 1.0.0)
    mongoid_rails_migrations (1.0.1)
      activesupport (>= 3.2.0)
      bundler (>= 1.0.0)
      rails (>= 3.2.0)
      railties (>= 3.2.0)
    moped (1.5.1)
    multi_json (1.7.9)
    multipart-post (1.2.0)
    net-scp (1.1.2)
      net-ssh (>= 2.6.5)
    net-sftp (2.1.2)
      net-ssh (>= 2.6.5)
    net-ssh (2.6.8)
    net-ssh-gateway (1.2.0)
      net-ssh (>= 2.6.5)
    netdnarws (0.2.8)
      addressable
      curb-fu
      signet
    newrelic_moped (0.0.6)
      moped
      newrelic_rpm (~> 3.6.0)
    newrelic_rpm (3.6.7.159)
    nokogiri (1.6.0)
      mini_portile (~> 0.5.0)
    oauth (0.4.7)
    oauth2 (0.8.1)
      faraday (~> 0.8)
      httpauth (~> 0.1)
      jwt (~> 0.1.4)
      multi_json (~> 1.0)
      rack (~> 1.2)
    omniauth (1.1.4)
      hashie (>= 1.2, < 3)
      rack
    omniauth-facebook (1.4.1)
      omniauth-oauth2 (~> 1.1.0)
    omniauth-github (1.1.1)
      omniauth (~> 1.0)
      omniauth-oauth2 (~> 1.1)
    omniauth-oauth (1.0.1)
      oauth
      omniauth (~> 1.0)
    omniauth-oauth2 (1.1.1)
      oauth2 (~> 0.8.0)
      omniauth (~> 1.0)
    omniauth-twitter (1.0.0)
      multi_json (~> 1.3)
      omniauth-oauth (~> 1.0)
    origin (1.1.0)
    pdf-reader (1.3.3)
      Ascii85 (~> 1.0.0)
      afm (~> 0.2.0)
      hashery (~> 2.0)
      ruby-rc4
      ttfunk
    polyglot (0.3.3)
    pry (0.9.12.2)
      coderay (~> 1.0.5)
      method_source (~> 0.8)
      slop (~> 3.4)
    pry-rails (0.3.2)
      pry (>= 0.9.10)
    puma (2.6.0)
      rack (>= 1.1, < 2.0)
    pundit (0.2.1)
      activesupport (>= 3.0.0)
    rabl (0.6.10)
      activesupport (>= 2.3.14)
      multi_json (~> 1.0)
    rack (1.4.5)
    rack-cache (1.2)
      rack (>= 0.4)
    rack-protection (1.5.0)
      rack
    rack-ssl (1.3.3)
      rack
    rack-test (0.6.2)
      rack (>= 1.0)
    rails (3.2.14)
      actionmailer (= 3.2.14)
      actionpack (= 3.2.14)
      activerecord (= 3.2.14)
      activeresource (= 3.2.14)
      activesupport (= 3.2.14)
      bundler (~> 1.0)
      railties (= 3.2.14)
    railties (3.2.14)
      actionpack (= 3.2.14)
      activesupport (= 3.2.14)
      rack-ssl (~> 1.3.2)
      rake (>= 0.8.7)
      rdoc (~> 3.4)
      thor (>= 0.14.6, < 2.0)
    raindrops (0.11.0)
    rake (10.1.0)
    rb-fsevent (0.9.3)
    rb-inotify (0.9.1)
      ffi (>= 0.5.0)
    rb-kqueue (0.2.0)
      ffi (>= 0.5.0)
    rdoc (3.12.2)
      json (~> 1.4)
    redcarpet (3.0.0)
    redis (3.0.4)
    redis-actionpack (3.2.3)
      actionpack (~> 3.2.3)
      redis-rack (~> 1.4.0)
      redis-store (~> 1.1.0)
    redis-activesupport (3.2.3)
      activesupport (~> 3.2.3)
      redis-store (~> 1.1.0)
    redis-namespace (1.3.1)
      redis (~> 3.0.0)
    redis-rack (1.4.2)
      rack (~> 1.4.1)
      redis-store (~> 1.1.0)
    redis-rails (3.2.3)
      redis-actionpack (~> 3.2.3)
      redis-activesupport (~> 3.2.3)
      redis-store (~> 1.1.0)
    redis-store (1.1.3)
      redis (>= 2.2.0)
    ref (1.0.5)
    rmagick (2.13.2)
    roadie (2.4.1)
      actionmailer (> 3.0.0, < 5.0.0)
      css_parser (~> 1.3.4)
      nokogiri (> 1.5.0, < 1.7.0)
      sprockets
    rspec (2.14.1)
      rspec-core (~> 2.14.0)
      rspec-expectations (~> 2.14.0)
      rspec-mocks (~> 2.14.0)
    rspec-core (2.14.5)
    rspec-expectations (2.14.2)
      diff-lcs (>= 1.1.3, < 2.0)
    rspec-mocks (2.14.3)
    rspec-rails (2.14.0)
      actionpack (>= 3.0)
      activesupport (>= 3.0)
      railties (>= 3.0)
      rspec-core (~> 2.14.0)
      rspec-expectations (~> 2.14.0)
      rspec-mocks (~> 2.14.0)
    ruby-hmac (0.4.0)
    ruby-prof (0.13.0)
    ruby-rc4 (0.1.5)
    sass (3.2.10)
    sass-rails (3.2.6)
      railties (~> 3.2.0)
      sass (>= 3.1.10)
      tilt (~> 1.3)
    shoulda-context (1.1.5)
    shoulda-matchers (2.3.0)
      activesupport (>= 3.0.0)
    sidekiq (2.14.0)
      celluloid (>= 0.14.1)
      connection_pool (>= 1.0.0)
      json
      redis (>= 3.0.4)
      redis-namespace
    signet (0.4.5)
      addressable (>= 2.2.3)
      faraday (~> 0.8.1)
      jwt (>= 0.1.5)
      multi_json (>= 1.0.0)
    simple_form (2.1.0)
      actionpack (~> 3.0)
      activemodel (~> 3.0)
    simple_oauth (0.2.0)
    sinatra (1.4.3)
      rack (~> 1.4)
      rack-protection (~> 1.4)
      tilt (~> 1.3, >= 1.3.4)
    slim (2.0.1)
      temple (~> 0.6.6)
      tilt (>= 1.3.3, < 2.1)
    slop (3.4.6)
    spork (1.0.0rc3)
    spork-rails (3.2.1)
      rails (>= 3.0.0, < 3.3.0)
      spork (>= 1.0rc0)
    sprockets (2.2.2)
      hike (~> 1.2)
      multi_json (~> 1.0)
      rack (~> 1.0)
      tilt (~> 1.1, != 1.3.0)
    strong_parameters (0.2.1)
      actionpack (~> 3.0)
      activemodel (~> 3.0)
      railties (~> 3.0)
    subexec (0.2.3)
    temple (0.6.6)
    therubyracer (0.12.0)
      libv8 (~> 3.16.14.0)
      ref
    thin (1.5.1)
      daemons (>= 1.0.9)
      eventmachine (>= 0.12.6)
      rack (>= 1.0.0)
    thor (0.18.1)
    tilt (1.4.1)
    timecop (0.6.3)
    timers (1.1.0)
    treetop (1.4.15)
      polyglot
      polyglot (>= 0.3.1)
    ttfunk (1.0.3)
    turbo-sprockets-rails3 (0.3.9)
      railties (> 3.2.8, < 4.0.0)
      sprockets (>= 2.0.0)
    tzinfo (0.3.37)
    uglifier (2.2.1)
      execjs (>= 0.3.0)
      multi_json (~> 1.0, >= 1.0.2)
    unicode_utils (1.0.0)
    unicorn (4.6.3)
      kgio (~> 2.6)
      rack
      raindrops (~> 0.7)
    xpath (2.0.0)
      nokogiri (~> 1.3)
    yajl-ruby (1.1.0)
    youtube_it (2.1.1)
      builder
      builder
      faraday
      faraday (>= 0.7.3)
      nokogiri
      oauth
      oauth (>= 0.4.4)
      simple_oauth
      simple_oauth (>= 0.1.5)
    zurb-foundation (4.3.1)
      sass (>= 3.2.0)

PLATFORMS
  ruby

DEPENDENCIES
  ace-rails-ap
  active_model_serializers!
  arcane (~> 1.1.1)
  backbone-on-rails (~> 0.9.2.0)
  bcrypt-ruby
  bootstrap-sass (~> 2.1.0.0)
  bunny
  capistrano
  capistrano_colors
  capybara (~> 2.1.0)
  carrierwave (~> 0.8.0)
  carrierwave-mongoid (~> 0.6.0)
  cloudfiles (~> 1.4.18)
  coderay (~> 1.0.5)
  coffee-rails
  coffee-script
  dalli (~> 2.6.4)
  database_cleaner (~> 1.0.1)
  doorkeeper (~> 0.6.7)
  email_spec
  ember-rails
  execjs
  factory_girl_rails (~> 4.2.1)
  fog (~> 1.15.0)
  foreman (~> 0.63)
  gist (~> 4.0.3)
  google-analytics-rails (~> 0.0.4)
  guard (~> 1.8.1)
  guard-bundler (~> 1.0.0)
  guard-rspec (~> 3.0.2)
  guard-spork (~> 1.5.1)
  haml-rails (~> 0.4)
  haml_coffee_assets (~> 1.6.0)
  handlebars-source (~> 1.0.12)
  hashr (~> 0.0.22)
  hiredis (~> 0.4.5)
  imagesize (~> 0.1.1)
  jquery-rails (~> 2.0.2)
  kaminari
  kiqstand (~> 1.1.0)
  mini_magick (~> 3.6.0)
  mongoid (~> 3.1.4)
  mongoid_fulltext (~> 0.6.1)
  mongoid_rails_migrations (~> 1.0.0)
  mongoid_token!
  moped (~> 1.5.0)
  netdnarws (~> 0.2.8)
  newrelic_moped
  newrelic_rpm
  omniauth
  omniauth-facebook (~> 1.4.1)
  omniauth-github (~> 1.1.0)
  omniauth-twitter (~> 1.0.0)
  pdf-reader (~> 1.3.3)
  pry
  pry-rails
  puma
  pundit (~> 0.2.1)
  rabl (~> 0.6.10)
  rails (~> 3.2.14)
  rb-fsevent
  redcarpet (~> 3.0.0)
  redis (~> 3.0.1)
  redis-rails (~> 3.2.3)
  redis-store (= 1.1.3)
  rmagick
  roadie (~> 2.4.1)
  rspec-rails (~> 2.14.0)
  ruby-prof
  sass (~> 3.2.9)
  sass-rails (~> 3.2.6)
  shoulda-context (~> 1.1.4)
  shoulda-matchers (~> 2.3.0)
  sidekiq (~> 2.14.0)
  simple_form (~> 2.1.0)
  sinatra
  slim
  spork-rails
  sprockets (~> 2.2.1)
  strong_parameters (~> 0.2.1)
  therubyracer (~> 0.12.0)
  thin (~> 1.5.1)
  timecop
  turbo-sprockets-rails3
  uglifier (~> 2.2.1)
  unicorn (~> 4.6.3)
  urifetch!
  yajl-ruby
  youtube_it
  zurb-foundation (~> 4.3.1)
