GEM
  remote: http://rubygems.org/
  specs:
    XMLCanonicalizer (1.0.1)
      log4r (>= 1.0.4)
    actionmailer (3.1.0)
      actionpack (= 3.1.0)
      mail (~> 2.3.0)
    actionpack (3.1.0)
      activemodel (= 3.1.0)
      activesupport (= 3.1.0)
      builder (~> 3.0.0)
      erubis (~> 2.7.0)
      i18n (~> 0.6)
      rack (~> 1.3.2)
      rack-cache (~> 1.0.3)
      rack-mount (~> 0.8.2)
      rack-test (~> 0.6.1)
      sprockets (~> 2.0.0)
    activemodel (3.1.0)
      activesupport (= 3.1.0)
      bcrypt-ruby (~> 3.0.0)
      builder (~> 3.0.0)
      i18n (~> 0.6)
    activerecord (3.1.0)
      activemodel (= 3.1.0)
      activesupport (= 3.1.0)
      arel (~> 2.2.1)
      tzinfo (~> 0.3.29)
    activeresource (3.1.0)
      activemodel (= 3.1.0)
      activesupport (= 3.1.0)
    activesupport (3.1.0)
      multi_json (~> 1.0)
    addressable (2.2.6)
    arel (2.2.1)
    bcrypt-ruby (3.0.1)
    bootstrap-sass (1.3.0)
      sass-rails (~> 3.1.0)
    bson (1.4.0)
    bson_ext (1.4.0)
    builder (3.0.0)
    cancan (1.6.5)
    capistrano (2.9.0)
      highline
      net-scp (>= 1.0.0)
      net-sftp (>= 2.0.0)
      net-ssh (>= 2.0.14)
      net-ssh-gateway (>= 1.1.0)
    capistrano_colors (0.5.5)
    carrierwave (0.5.7)
      activesupport (~> 3.0)
    carrierwave-mongoid (0.1.3)
      carrierwave (>= 0.5.6)
      mongoid (~> 2.1)
    client_side_validations (3.1.0)
    cloudfiles (1.4.18)
      mime-types (>= 1.16)
    coderay (1.0.0)
    coffee-script (2.2.0)
      coffee-script-source
      execjs
    coffee-script-source (1.1.2)
    daemons (1.1.4)
    elif (0.1.0)
    em-hiredis (0.1.0)
      hiredis (~> 0.3.0)
    em-http-request (0.3.0)
      addressable (>= 2.0.0)
      escape_utils
      eventmachine (>= 0.12.9)
    erubis (2.7.0)
    escape_utils (0.2.4)
    eventmachine (0.12.10)
    excon (0.6.6)
    execjs (1.2.9)
      multi_json (~> 1.0)
    faraday (0.7.4)
      addressable (~> 2.2.6)
      multipart-post (~> 1.1.0)
      rack (>= 1.1.0, < 2)
    faye (0.6.7)
      em-hiredis (>= 0.0.1)
      em-http-request (~> 0.3)
      eventmachine (~> 0.12.0)
      json (>= 1.0)
      rack (>= 1.0)
      thin (~> 1.2)
    fog (0.9.0)
      builder
      excon (~> 0.6.1)
      formatador (>= 0.1.3)
      json
      mime-types
      net-scp (>= 1.0.4)
      net-ssh (>= 2.1.4)
      nokogiri (>= 1.4.4)
      ruby-hmac
    foreman (0.22.0)
      term-ansicolor (~> 1.0.5)
      thor (>= 0.13.6)
    formatador (0.2.1)
    gist (2.0.4)
    haml (3.1.3)
    haml-rails (0.3.4)
      actionpack (~> 3.0)
      activesupport (~> 3.0)
      haml (~> 3.0)
      railties (~> 3.0)
    highline (1.6.2)
    hike (1.2.1)
    hiredis (0.3.2)
    i18n (0.6.0)
    jquery-rails (1.0.14)
      railties (~> 3.0)
      thor (~> 0.14)
    json (1.6.1)
    kaminari (0.12.4)
      rails (>= 3.0.0)
    kgio (2.6.0)
    libv8 (3.3.10.2)
    log4r (1.1.9)
    macaddr (1.4.0)
      systemu (~> 2.2.0)
    mail (2.3.0)
      i18n (>= 0.4.0)
      mime-types (~> 1.16)
      treetop (~> 1.4.8)
    method_source (0.6.5)
      ruby_parser (>= 2.0.5)
    mime-types (1.16)
    mini_magick (3.3)
      subexec (~> 0.1.0)
    mongo (1.4.0)
      bson (= 1.4.0)
    mongo_sessions (0.3.4)
    mongoid (2.2.0)
      activemodel (~> 3.0)
      mongo (~> 1.3)
      tzinfo (~> 0.3.22)
    multi_json (1.0.3)
    multi_xml (0.4.0)
    multipart-post (1.1.3)
    net-ldap (0.2.2)
    net-scp (1.0.4)
      net-ssh (>= 1.99.1)
    net-sftp (2.0.5)
      net-ssh (>= 2.0.9)
    net-ssh (2.2.1)
    net-ssh-gateway (1.1.0)
      net-ssh (>= 1.99.1)
    nokogiri (1.5.0)
    oa-basic (0.3.0)
      oa-core (= 0.3.0)
      rest-client (~> 1.6.0)
    oa-core (0.3.0)
    oa-enterprise (0.3.0)
      XMLCanonicalizer (~> 1.0.1)
      addressable (~> 2.2.6)
      net-ldap (~> 0.2.2)
      nokogiri (~> 1.5.0)
      oa-core (= 0.3.0)
      pyu-ruby-sasl (~> 0.0.3.1)
      rubyntlm (~> 0.1.1)
      uuid
    oa-more (0.3.0)
      multi_json (~> 1.0.0)
      oa-core (= 0.3.0)
      rest-client (~> 1.6.0)
    oa-oauth (0.3.0)
      faraday (~> 0.7.3)
      multi_json (~> 1.0.0)
      multi_xml (~> 0.4.0)
      oa-core (= 0.3.0)
      oauth (~> 0.4.0)
      oauth2 (~> 0.5.0)
    oa-openid (0.3.0)
      oa-core (= 0.3.0)
      rack-openid (~> 1.3.1)
      ruby-openid-apps-discovery (~> 1.2.0)
    oauth (0.4.5)
    oauth2 (0.5.0)
      faraday (>= 0.6.1, < 0.8)
      multi_json (~> 1.0.0)
    omniauth (0.3.0)
      oa-basic (= 0.3.0)
      oa-core (= 0.3.0)
      oa-enterprise (= 0.3.0)
      oa-more (= 0.3.0)
      oa-oauth (= 0.3.0)
      oa-openid (= 0.3.0)
    pjax_rails (0.1.10)
      jquery-rails
    polyglot (0.3.2)
    pry (0.9.6)
      coderay (>= 0.9.8)
      method_source (>= 0.6.5)
      ruby_parser (>= 2.0.5)
      slop (~> 2.1.0)
    pyu-ruby-sasl (0.0.3.3)
    rack (1.3.3)
    rack-cache (1.0.3)
      rack (>= 0.4)
    rack-mount (0.8.3)
      rack (>= 1.0.0)
    rack-openid (1.3.1)
      rack (>= 1.1.0)
      ruby-openid (>= 2.1.8)
    rack-ssl (1.3.2)
      rack
    rack-test (0.6.1)
      rack (>= 1.0)
    rails (3.1.0)
      actionmailer (= 3.1.0)
      actionpack (= 3.1.0)
      activerecord (= 3.1.0)
      activeresource (= 3.1.0)
      activesupport (= 3.1.0)
      bundler (~> 1.0)
      railties (= 3.1.0)
    railties (3.1.0)
      actionpack (= 3.1.0)
      activesupport (= 3.1.0)
      rack-ssl (~> 1.3.2)
      rake (>= 0.8.7)
      rdoc (~> 3.4)
      thor (~> 0.14.6)
    raindrops (0.8.0)
    rake (0.9.2)
    rdoc (3.9.4)
    redcarpet (1.17.2)
    rest-client (1.6.7)
      mime-types (>= 1.16)
    ruby-hmac (0.4.0)
    ruby-openid (2.1.8)
    ruby-openid-apps-discovery (1.2.0)
      ruby-openid (>= 2.1.7)
    ruby_parser (2.3.1)
      sexp_processor (~> 3.0)
    rubyntlm (0.1.1)
    sass (3.1.7)
    sass-rails (3.1.2)
      actionpack (~> 3.1.0)
      railties (~> 3.1.0)
      sass (>= 3.1.4)
      sprockets (~> 2.0.0)
      tilt (~> 1.3.2)
    scout (5.3.3)
      elif
    sexp_processor (3.0.7)
    slop (2.1.0)
    sprockets (2.0.0)
      hike (~> 1.2)
      rack (~> 1.0)
      tilt (~> 1.1, != 1.3.0)
    subexec (0.1.0)
    systemu (2.2.0)
    term-ansicolor (1.0.6)
    therubyracer (0.9.4)
      libv8 (~> 3.3.10)
    thin (1.2.11)
      daemons (>= 1.0.9)
      eventmachine (>= 0.12.6)
      rack (>= 1.0.0)
    thor (0.14.6)
    tilt (1.3.3)
    tire (0.3.9)
      activemodel (~> 3.0)
      multi_json (~> 1.0)
      rake (~> 0.9.2)
      rest-client (~> 1.6.0)
    treetop (1.4.10)
      polyglot
      polyglot (>= 0.3.1)
    tzinfo (0.3.29)
    uglifier (1.0.3)
      execjs (>= 0.3.0)
      multi_json (>= 1.0.2)
    unicorn (4.1.1)
      kgio (~> 2.4)
      rack
      raindrops (~> 0.6)
    uuid (2.3.4)
      macaddr (~> 1.0)

PLATFORMS
  ruby

DEPENDENCIES
  bcrypt-ruby
  bootstrap-sass (= 1.3.0)
  bson_ext
  cancan
  capistrano
  capistrano_colors
  carrierwave
  carrierwave-mongoid
  client_side_validations
  cloudfiles
  coffee-script
  execjs
  faye
  fog
  foreman
  gist
  haml
  haml-rails
  jquery-rails
  kaminari
  mini_magick
  mongo_sessions
  mongoid
  omniauth
  pjax_rails
  pry
  rails (= 3.1.0)
  redcarpet
  sass
  sass-rails
  scout
  sprockets
  therubyracer
  tire
  uglifier
  unicorn
